PATH
  remote: .
  specs:
    my_test (0.1.0)

GEM
  remote: https://gems.ruby-china.com/
  specs:
    rake (10.5.0)

PLATFORMS
  ruby

DEPENDENCIES
  bundler (~> 2.0)
  my_test!
  rake (~> 10.0)

BUNDLED WITH
   2.0.2
